GEM
  remote: https://rubygems.org/
  specs:
    sqlite3 (1.6.2-x86_64-darwin)

PLATFORMS
  x86_64-darwin-22

DEPENDENCIES
  sqlite3

BUNDLED WITH
   2.4.9
